GEM
  remote: https://rubygems.org/
  specs:
    minitest (5.14.4)
    rake (13.0.4)

PLATFORMS
  ruby

DEPENDENCIES
  minitest
  rake

BUNDLED WITH
   2.3.5
